GEM
  remote: http://rubygems.org/
  specs:
    activesupport (3.2.8)
      i18n (~> 0.6)
      multi_json (~> 1.0)
    directory_watcher (1.4.1)
    haml (3.1.7)
    i18n (0.6.1)
    multi_json (1.3.6)
    rack (1.4.1)
    rack-test (0.6.1)
      rack (>= 1.0)
    redis (2.2.2)
    sass (3.2.1)
    serve (1.5.1)
      activesupport (~> 3.0)
      i18n
      rack (~> 1.2)
      rack-test (~> 0.5)
      tilt (~> 1.3)
      tzinfo
    slim (1.3.0)
      temple (~> 0.4.1)
      tilt (~> 1.3.3)
    slop (2.1.0)
    stasis (0.1.23)
      directory_watcher (~> 1.4.1)
      redis (~> 2.2.2)
      slop (~> 2.1.0)
      tilt (~> 1.3.3)
      yajl-ruby (~> 1.0.0)
    temple (0.4.1)
    tilt (1.3.3)
    tzinfo (0.3.33)
    yajl-ruby (1.0.0)

PLATFORMS
  ruby

DEPENDENCIES
  haml
  sass
  serve
  slim
  stasis
